GEM
  remote: https://rubygems.org/
  specs:
    narray (0.6.0.9)

PLATFORMS
  ruby

DEPENDENCIES
  narray
