GEM
  remote: https://rubygems.org/
  specs:
    awesome_print (1.2.0)
    narray (0.6.0.9)

PLATFORMS
  ruby

DEPENDENCIES
  awesome_print
  narray
